GEM
  remote: https://rubygems.org/
  specs:
    abstract_type (0.0.7)
    adamantium (0.2.0)
      ice_nine (~> 0.11.0)
      memoizable (~> 0.4.0)
    anima (0.2.0)
      abstract_type (~> 0.0.7)
      adamantium (~> 0.1)
      equalizer (~> 0.0.8)
    concord (0.1.5)
      adamantium (~> 0.2.0)
      equalizer (~> 0.0.9)
    equalizer (0.0.11)
    ice_nine (0.11.1)
    inflection (1.0.0)
    memoizable (0.4.2)
      thread_safe (~> 0.3, >= 0.3.1)
    rack (1.6.0)
    rack-accept (0.4.5)
      rack (>= 0.4)
    roda (2.2.0)
      rack
    thread_safe (0.3.5)
    uri_template (0.6.0)
    yaks (0.9.0)
      adamantium (~> 0.2.0)
      anima (~> 0.2.0)
      concord (~> 0.1.4)
      inflection (~> 1.0)
      rack-accept (~> 0.4.5)
      uri_template (~> 0.6.0)

PLATFORMS
  ruby

DEPENDENCIES
  roda
  yaks
